PATH
  remote: /vagrant/gems/jobly
  specs:
    jobly (0.1.0)
      colsole (~> 0.5)
      http (~> 4.0)
      lp (~> 0.1)
      mister_bin (~> 0.6)
      puma (~> 3.12)
      rack (~> 2.0)
      requires (~> 0.1)
      sidekiq (~> 5.2)
      sidekiq-status (~> 1.1)
      sinatra (~> 2.0)
      sinatra-contrib (~> 2.0)

GEM
  remote: https://rubygems.org/
  specs:
    addressable (2.6.0)
      public_suffix (>= 2.0.2, < 4.0)
    backports (3.12.0)
    byebug (11.0.0)
    chronic_duration (0.10.6)
      numerizer (~> 0.1.1)
    colsole (0.5.3)
    connection_pool (2.2.2)
    docopt (0.6.1)
    domain_name (0.5.20180417)
      unf (>= 0.0.5, < 1.0.0)
    equatable (0.5.0)
    http (4.0.5)
      addressable (~> 2.3)
      http-cookie (~> 1.0)
      http-form_data (~> 2.0)
      http_parser.rb (~> 0.6.0)
    http-cookie (1.0.3)
      domain_name (~> 0.5)
    http-form_data (2.1.1)
    http_parser.rb (0.6.0)
    lp (0.1.1)
    mister_bin (0.6.2)
      colsole (~> 0.5)
      docopt (~> 0.6)
    multi_json (1.13.1)
    mustermann (1.0.3)
    numerizer (0.1.1)
    pastel (0.7.2)
      equatable (~> 0.5.0)
      tty-color (~> 0.4.0)
    public_suffix (3.0.3)
    puma (3.12.0)
    rack (2.0.6)
    rack-protection (2.0.5)
      rack
    redis (4.1.0)
    remote_syslog_logger (1.0.4)
      syslog_protocol
    requires (0.1.0)
    sidekiq (5.2.5)
      connection_pool (~> 2.2, >= 2.2.2)
      rack (>= 1.5.0)
      rack-protection (>= 1.5.0)
      redis (>= 3.3.5, < 5)
    sidekiq-status (1.1.1)
      chronic_duration
      sidekiq (>= 3.0)
    sinatra (2.0.5)
      mustermann (~> 1.0)
      rack (~> 2.0)
      rack-protection (= 2.0.5)
      tilt (~> 2.0)
    sinatra-contrib (2.0.5)
      backports (>= 2.8.2)
      multi_json
      mustermann (~> 1.0)
      rack-protection (= 2.0.5)
      sinatra (= 2.0.5)
      tilt (>= 1.3, < 3)
    syslog_protocol (0.9.2)
    tilt (2.0.9)
    tty-color (0.4.3)
    tty-command (0.8.2)
      pastel (~> 0.7.0)
    unf (0.1.4)
      unf_ext
    unf_ext (0.0.7.5)

PLATFORMS
  ruby

DEPENDENCIES
  byebug
  jobly!
  remote_syslog_logger
  tty-command

BUNDLED WITH
   2.0.1
